GIT
  remote: git://github.com/neilgupta/cleverbot-api.git
  revision: 596d4adbde4f67c36bd5d430acea0ad063f7ee6a
  specs:
    cleverbot-api (0.0.4)
      rest-client

GEM
  remote: https://rubygems.org/
  specs:
    mime-types (2.3)
    netrc (0.10.3)
    rest-client (1.7.3)
      mime-types (>= 1.16, < 3.0)
      netrc (~> 0.7)
    tts (0.5.0)

PLATFORMS
  ruby

DEPENDENCIES
  cleverbot-api!
  tts
